FRAMEWORK: NET461
NUGET
  remote: https://www.nuget.org/api/v2
    AzureRmRest (1.0.7)
      Newtonsoft.Json (>= 6.0.4)
    FAKE (4.50)
    KuduRest (1.0.8)
    Newtonsoft.Json (9.0.1)
